PATH
  remote: .
  specs:
    ltec (0.1.3)
      base64 (~> 0.1.0)
      openssl

GEM
  remote: https://gems.ruby-china.com/
  specs:
    base64 (0.1.1)
    openssl (3.1.0)
    rake (13.0.6)

PLATFORMS
  arm64-darwin-22

DEPENDENCIES
  ltec!
  rake (~> 13.0)

BUNDLED WITH
   2.4.1
