PATH
  remote: .
  specs:
    ltec (0.1.3.1)
      openssl

GEM
  remote: https://gems.ruby-china.com/
  specs:
    openssl (3.3.0)
    rake (13.2.1)

PLATFORMS
  arm64-darwin-22
  ruby

DEPENDENCIES
  ltec!
  rake (~> 13.0)

BUNDLED WITH
   2.5.23
