PATH
  remote: .
  specs:
    ltec (0.1.3)
      base64 (~> 0.1.0)
      openssl (~> 2.2.0)

GEM
  remote: https://rubygems.org/
  specs:
    base64 (0.1.1)
    ipaddr (1.2.4)
    openssl (2.2.1)
      ipaddr
    rake (13.0.6)

PLATFORMS
  x86_64-darwin-20

DEPENDENCIES
  ltec!
  rake (~> 13.0)

BUNDLED WITH
   2.3.13
